GIT
  remote: git://github.com/alanjds/exception_notification.git
  revision: 048fc6be972189e62ca3b9453d19233ec5773016
  specs:
    exception_notification (2.6.1)
      actionmailer (>= 3.0.4)
      tinder (~> 1.8)

GIT
  remote: git://github.com/scriptwork/twitter-bootstrap-rails.git
  revision: b0eac782bb0c0a5f8db4402ef269c0fae4a635d5
  specs:
    twitter-bootstrap-rails (2.1.4)
      actionpack (>= 3.1)
      less-rails (~> 2.2.3)
      railties (>= 3.1)
      therubyracer (>= 0.10.2)

GEM
  remote: https://rubygems.org/
  specs:
    actionmailer (3.2.8)
      actionpack (= 3.2.8)
      mail (~> 2.4.4)
    actionpack (3.2.8)
      activemodel (= 3.2.8)
      activesupport (= 3.2.8)
      builder (~> 3.0.0)
      erubis (~> 2.7.0)
      journey (~> 1.0.4)
      rack (~> 1.4.0)
      rack-cache (~> 1.2)
      rack-test (~> 0.6.1)
      sprockets (~> 2.1.3)
    activemodel (3.2.8)
      activesupport (= 3.2.8)
      builder (~> 3.0.0)
    activerecord (3.2.8)
      activemodel (= 3.2.8)
      activesupport (= 3.2.8)
      arel (~> 3.0.2)
      tzinfo (~> 0.3.29)
    activeresource (3.2.8)
      activemodel (= 3.2.8)
      activesupport (= 3.2.8)
    activesupport (3.2.8)
      i18n (~> 0.6)
      multi_json (~> 1.0)
    addressable (2.3.2)
    arel (3.0.2)
    autoparse (0.3.2)
      addressable (>= 2.3.1)
      extlib (>= 0.9.15)
      multi_json (>= 1.0.0)
    bcrypt-ruby (3.0.1)
    bootstrap-sass (2.1.0.1)
    builder (3.0.4)
    cancan (1.6.8)
    coffee-rails (3.2.2)
      coffee-script (>= 2.2.0)
      railties (~> 3.2.0)
    coffee-script (2.2.0)
      coffee-script-source
      execjs
    coffee-script-source (1.4.0)
    commonjs (0.2.6)
    daemons (1.1.9)
    dalli (2.3.0)
    devise (2.1.2)
      bcrypt-ruby (~> 3.0)
      orm_adapter (~> 0.1)
      railties (~> 3.1)
      warden (~> 1.2.1)
    devise-i18n (0.5.9)
    diff-lcs (1.1.3)
    enumerated_attribute (0.2.16)
      meta_programming (>= 0.2.1)
    erubis (2.7.0)
    eventmachine (1.0.0)
    execjs (1.4.0)
      multi_json (~> 1.0)
    extlib (0.9.15)
    faraday (0.8.4)
      multipart-post (~> 1.1)
    faraday_middleware (0.9.0)
      faraday (>= 0.7.4, < 0.9)
    font-awesome-sass-rails (2.0.0.0)
      railties (>= 3.1.1)
      sass-rails (>= 3.1.1)
    google-api-client (0.5.0)
      addressable (>= 2.3.2)
      autoparse (>= 0.3.2)
      extlib (>= 0.9.15)
      faraday (~> 0.8.1)
      jwt (>= 0.1.5)
      launchy (>= 2.1.1)
      multi_json (>= 1.0.0)
      signet (>= 0.4.1)
      uuidtools (>= 2.1.0)
    haml (3.1.7)
    hashie (1.2.0)
    hike (1.2.1)
    http_parser.rb (0.5.3)
    httpauth (0.2.0)
    i18n (0.6.1)
    journey (1.0.4)
    jquery-rails (2.1.3)
      railties (>= 3.1.0, < 5.0)
      thor (~> 0.14)
    jquery-ui-rails (2.0.2)
      jquery-rails
      railties (>= 3.1.0)
    json (1.7.5)
    jwt (0.1.5)
      multi_json (>= 1.0)
    kaminari (0.14.1)
      actionpack (>= 3.0.0)
      activesupport (>= 3.0.0)
    launchy (2.1.2)
      addressable (~> 2.3)
    less (2.2.2)
      commonjs (~> 0.2.6)
    less-rails (2.2.6)
      actionpack (>= 3.1)
      less (~> 2.2.0)
    libv8 (3.3.10.4)
    mail (2.4.4)
      i18n (>= 0.4.0)
      mime-types (~> 1.16)
      treetop (~> 1.4.8)
    meta_programming (0.2.2)
    mime-types (1.19)
    multi_json (1.3.6)
    multipart-post (1.1.5)
    nested_form (0.2.3)
    nokogiri (1.5.5)
    oauth2 (0.8.0)
      faraday (~> 0.8)
      httpauth (~> 0.1)
      jwt (~> 0.1.4)
      multi_json (~> 1.0)
      rack (~> 1.2)
    omniauth (1.0.3)
      hashie (~> 1.2)
      rack
    omniauth-google-oauth2 (0.1.13)
      omniauth (~> 1.0)
      omniauth-oauth2
    omniauth-oauth2 (1.1.1)
      oauth2 (~> 0.8.0)
      omniauth (~> 1.0)
    orm_adapter (0.4.0)
    pg (0.14.1)
    polyglot (0.3.3)
    rack (1.4.1)
    rack-cache (1.2)
      rack (>= 0.4)
    rack-pjax (0.6.0)
      nokogiri (~> 1.5)
      rack (~> 1.3)
    rack-ssl (1.3.2)
      rack
    rack-test (0.6.2)
      rack (>= 1.0)
    rails (3.2.8)
      actionmailer (= 3.2.8)
      actionpack (= 3.2.8)
      activerecord (= 3.2.8)
      activeresource (= 3.2.8)
      activesupport (= 3.2.8)
      bundler (~> 1.0)
      railties (= 3.2.8)
    rails-i18n (0.7.0)
      i18n (~> 0.5)
    rails_admin (0.1.2)
      bootstrap-sass (~> 2.0)
      builder (~> 3.0)
      coffee-rails (~> 3.1)
      font-awesome-sass-rails (~> 2.0)
      haml (~> 3.1)
      jquery-rails (~> 2.0)
      jquery-ui-rails (~> 2.0)
      kaminari (~> 0.12)
      nested_form (~> 0.2.3)
      rack-pjax (~> 0.5)
      rails (~> 3.1)
      remotipart (~> 1.0)
      sass-rails (~> 3.1)
    railties (3.2.8)
      actionpack (= 3.2.8)
      activesupport (= 3.2.8)
      rack-ssl (~> 1.3.2)
      rake (>= 0.8.7)
      rdoc (~> 3.4)
      thor (>= 0.14.6, < 2.0)
    rake (0.9.2.2)
    rdoc (3.12)
      json (~> 1.4)
    remotipart (1.0.2)
    responders (0.9.3)
      railties (~> 3.1)
    rspec (2.11.0)
      rspec-core (~> 2.11.0)
      rspec-expectations (~> 2.11.0)
      rspec-mocks (~> 2.11.0)
    rspec-core (2.11.1)
    rspec-expectations (2.11.3)
      diff-lcs (~> 1.1.3)
    rspec-mocks (2.11.3)
    rspec-rails (2.11.4)
      actionpack (>= 3.0)
      activesupport (>= 3.0)
      railties (>= 3.0)
      rspec (~> 2.11.0)
    sass (3.2.1)
    sass-rails (3.2.5)
      railties (~> 3.2.0)
      sass (>= 3.1.10)
      tilt (~> 1.3)
    signet (0.4.3)
      addressable (>= 2.2.3)
      faraday (~> 0.8.1)
      jwt (>= 0.1.5)
      multi_json (>= 1.0.0)
    simple_oauth (0.1.9)
    spork (0.9.2)
    sprockets (2.1.3)
      hike (~> 1.2)
      rack (~> 1.0)
      tilt (~> 1.1, != 1.3.0)
    sqlite3 (1.3.6)
    therubyracer (0.10.2)
      libv8 (~> 3.3.10)
    thin (1.5.0)
      daemons (>= 1.0.9)
      eventmachine (>= 0.12.6)
      rack (>= 1.0.0)
    thor (0.16.0)
    tilt (1.3.3)
    tinder (1.9.1)
      eventmachine (>= 0.12.0, < 2)
      faraday (~> 0.8)
      faraday_middleware (~> 0.8)
      hashie (~> 1.0)
      json (~> 1.6)
      mime-types (~> 1.16)
      multi_json (~> 1.0)
      multipart-post (~> 1.1)
      twitter-stream (~> 0.1)
    treetop (1.4.12)
      polyglot
      polyglot (>= 0.3.1)
    twitter-stream (0.1.16)
      eventmachine (>= 0.12.8)
      http_parser.rb (~> 0.5.1)
      simple_oauth (~> 0.1.4)
    tzinfo (0.3.34)
    uglifier (1.3.0)
      execjs (>= 0.3.0)
      multi_json (~> 1.0, >= 1.0.2)
    uuidtools (2.1.3)
    warden (1.2.1)
      rack (>= 1.0)
    webrat (0.7.3)
      nokogiri (>= 1.2.0)
      rack (>= 1.0)
      rack-test (>= 0.5.3)

PLATFORMS
  ruby

DEPENDENCIES
  cancan
  coffee-rails (~> 3.2.1)
  dalli
  devise
  devise-i18n
  enumerated_attribute
  exception_notification!
  google-api-client
  jquery-rails
  omniauth (~> 1.0.0)
  omniauth-google-oauth2
  pg
  rails (= 3.2.8)
  rails-i18n
  rails_admin
  responders
  rspec-rails
  sass-rails (~> 3.2.3)
  spork
  sqlite3
  therubyracer
  thin
  twitter-bootstrap-rails!
  uglifier (>= 1.0.3)
  webrat
